GIT
  remote: https://github.com/shardlab/discordrb.git
  revision: a3d30b57471e3605d13d3ab3678d35bd4525d1ca
  branch: threads
  specs:
    discordrb (3.4.2)
      discordrb-webhooks (~> 3.4.2)
      ffi (>= 1.9.24)
      opus-ruby
      rest-client (>= 2.0.0)
      websocket-client-simple (>= 0.3.0)
    discordrb-webhooks (3.4.2)
      rest-client (>= 2.0.0)

GEM
  specs:
    ast (2.4.2)
    domain_name (0.5.20190701)
      unf (>= 0.0.5, < 1.0.0)
    dotenv (2.7.6)
    event_emitter (0.2.6)
    ffi (1.15.5)
    http-accept (1.7.0)
    http-cookie (1.0.4)
      domain_name (~> 0.5)
    mime-types (3.4.1)
      mime-types-data (~> 3.2015)
    mime-types-data (3.2022.0105)
    netrc (0.11.0)
    opus-ruby (1.0.1)
      ffi
    parallel (1.22.1)
    parser (3.1.2.0)
      ast (~> 2.4.1)
    rainbow (3.1.1)
    regexp_parser (2.3.1)
    rest-client (2.1.0)
      http-accept (>= 1.7.0, < 2.0)
      http-cookie (>= 1.0.2, < 2.0)
      mime-types (>= 1.16, < 4.0)
      netrc (~> 0.8)
    rexml (3.2.5)
    rubocop (1.29.0)
      parallel (~> 1.10)
      parser (>= 3.1.0.0)
      rainbow (>= 2.2.2, < 4.0)
      regexp_parser (>= 1.8, < 3.0)
      rexml (>= 3.2.5, < 4.0)
      rubocop-ast (>= 1.17.0, < 2.0)
      ruby-progressbar (~> 1.7)
      unicode-display_width (>= 1.4.0, < 3.0)
    rubocop-ast (1.17.0)
      parser (>= 3.1.1.0)
    rubocop-fjord (0.2.0)
      rubocop (>= 1.0)
      rubocop-performance
    rubocop-performance (1.13.3)
      rubocop (>= 1.7.0, < 2.0)
      rubocop-ast (>= 0.4.0)
    ruby-progressbar (1.11.0)
    unf (0.1.4)
      unf_ext
    unf_ext (0.0.8.1)
    unicode-display_width (2.1.0)
    websocket (1.2.9)
    websocket-client-simple (0.5.1)
      event_emitter
      websocket

PLATFORMS
  x86_64-darwin-21
  x86_64-linux

DEPENDENCIES
  discordrb!
  dotenv
  rubocop
  rubocop-fjord

BUNDLED WITH
   2.3.12
